GEM
  remote: https://rubygems.org/
  specs:
    hashids (1.0.3)

PLATFORMS
  ruby

DEPENDENCIES
  hashids (= 1.0.3)

BUNDLED WITH
   1.14.3
