GEM
  remote: https://rubygems.org/
  specs:
    hashids (0.3.0)

PLATFORMS
  ruby

DEPENDENCIES
  hashids (= 0.3.0)

BUNDLED WITH
   1.14.3
